GEM
  remote: https://rubygems.org/
  specs:
    ruby-ole (1.2.12.1)
    spreadsheet (1.1.4)
      ruby-ole (>= 1.0)

PLATFORMS
  ruby

DEPENDENCIES
  spreadsheet

BUNDLED WITH
   1.12.5
